GEM
  remote: https://rubygems.org/
  specs:
    builder (3.2.2)
    httparty (0.11.0)
      multi_json (~> 1.0)
      multi_xml (>= 0.5.2)
    jwt (0.1.8)
      multi_json (>= 1.5)
    multi_json (1.8.1)
    multi_xml (0.5.5)
    twilio-ruby (3.11.1)
      builder (>= 2.1.2)
      jwt (>= 0.1.2)
      multi_json (>= 1.3.0)

PLATFORMS
  ruby

DEPENDENCIES
  httparty
  twilio-ruby
